GEM
  remote: http://rubygems.org/
  specs:
    beanstalk-client (1.1.0)
    diff-lcs (1.1.3)
    em-zeromq (0.2.0)
      eventmachine (>= 0.12.10)
      ffi-rzmq (>= 0.7.2)
    eventmachine (0.12.10)
    ffi (1.0.9)
    ffi-rzmq (0.8.0)
    git (1.2.5)
    jeweler (1.6.4)
      bundler (~> 1.0)
      git (>= 1.2.5)
      rake
    json (1.5.4)
    rake (0.9.2)
    rcov (0.9.10)
    rspec (2.3.0)
      rspec-core (~> 2.3.0)
      rspec-expectations (~> 2.3.0)
      rspec-mocks (~> 2.3.0)
    rspec-core (2.3.1)
    rspec-expectations (2.3.0)
      diff-lcs (~> 1.1.2)
    rspec-mocks (2.3.0)
    zmq (2.1.3)

PLATFORMS
  ruby

DEPENDENCIES
  beanstalk-client
  bundler (~> 1.0.0)
  em-zeromq
  eventmachine
  ffi
  jeweler (~> 1.6.4)
  json
  rcov
  rspec (~> 2.3.0)
  zmq
